GEM
  remote: http://rubygems.org/
  specs:
    addressable (2.2.8)
    em-websocket (0.3.6)
      addressable (>= 2.1.1)
      eventmachine (>= 0.12.9)
    eventmachine (0.12.10)
    ffi (1.0.11)
    guard (1.0.1)
      ffi (>= 0.5.0)
      thor (~> 0.14.6)
    guard-haml (0.3.3)
      guard (>= 0.4)
      haml (>= 3.0)
    guard-livereload (0.4.2)
      em-websocket (>= 0.2.0)
      guard (>= 0.10.0)
      multi_json (~> 1.0)
    guard-sass (0.6.0)
      guard (>= 0.4.0)
      sass (>= 3.1)
    haml (3.1.6)
    multi_json (1.3.6)
    sass (3.1.20)
    thor (0.14.6)

PLATFORMS
  ruby

DEPENDENCIES
  guard (= 1.0.1)
  guard-haml
  guard-livereload
  guard-sass
